NUGET
  remote: https://www.nuget.org/api/v2
  specs:
    DryIoc.dll (2.1) - framework: >= net40
      System.Collections (>= 4.0)
      System.Diagnostics.Debug (>= 4.0)
      System.Diagnostics.Tools (>= 4.0)
      System.Linq (>= 4.0)
      System.Linq.Expressions (>= 4.0)
      System.Reflection (>= 4.0)
      System.Reflection.Extensions (>= 4.0)
      System.Runtime (>= 4.0)
      System.Runtime.Extensions (>= 4.0)
      System.Threading (>= 4.0)
    EntityFramework (6.1.3)
    FAKE (4.25.4)
    FakeItEasy (1.25.3) - framework: >= net45
    FluentValidation (5.6.2) - framework: >= net40
    log4net (2.0.4) - framework: >= net40
    Microsoft.AspNet.Mvc (4.0.30506) - framework: >= net40
      Microsoft.AspNet.Razor (>= 2.0.20710)
      Microsoft.AspNet.WebPages (>= 2.0.20710)
    Microsoft.AspNet.Razor (2.0.20710) - framework: >= net40
    Microsoft.AspNet.WebPages (2.0.20710) - framework: >= net40
      Microsoft.AspNet.Razor (>= 2.0.20710 < 2.1)
      Microsoft.Web.Infrastructure (>= 1.0)
    Microsoft.Web.Infrastructure (1.0) - framework: >= net40
    MySql.Data (6.9.8) - framework: >= net40
    MySql.Data.Entity (6.9.8) - framework: >= net40
      EntityFramework (>= 6.0)
      MySql.Data (>= 6.9.8)
    Newtonsoft.Json (7.0.1) - framework: >= net40
    NuGet.CommandLine (3.3)
    OpenPop.NET (2.0.6.1120) - framework: >= net40
    SimpleInjector (3.1.1) - framework: >= net40
    SSH.NET (2014.4.6-beta2) - framework: >= net40
    System.Collections (4.0.10) - framework: >= net40
    System.Data.SQLite (1.0.100)
      System.Data.SQLite.Core (>= 1.0.100) - framework: net20, net40, net45, net451, >= net46
      System.Data.SQLite.EF6 (>= 1.0.100) - framework: net40, net45, net451, >= net46
      System.Data.SQLite.Linq (>= 1.0.100) - framework: net20, net40, net45, net451, >= net46
    System.Data.SQLite.Core (1.0.100)
    System.Data.SQLite.EF6 (1.0.100)
      EntityFramework (>= 6.0) - framework: net40, net45, net451, >= net46
    System.Data.SQLite.Linq (1.0.100)
    System.Diagnostics.Debug (4.0.10) - framework: >= net40
    System.Diagnostics.Tools (4.0) - framework: >= net40
    System.Linq (4.0) - framework: >= net40
    System.Linq.Expressions (4.0.10) - framework: >= net40
    System.Reflection (4.0.10) - framework: >= net40
    System.Reflection.Extensions (4.0) - framework: >= net40
    System.Runtime (4.0.20) - framework: >= net40
    System.Runtime.Extensions (4.0.10) - framework: >= net40
    System.Threading (4.0.10) - framework: >= net40
    xunit (2.1) - framework: >= net45
      xunit.assert (2.1)
      xunit.core (2.1)
    xunit.abstractions (2.0) - framework: >= net45
    xunit.assert (2.1) - framework: >= net45
    xunit.core (2.1) - framework: >= net45
      xunit.extensibility.core (2.1) - framework: >= net45, dnx451, dnxcore50, monoandroid, monotouch, portable-net45+win80+wp80+wpa81, xamarinios, winv4.5, wpv8.0, wpav8.1
      xunit.extensibility.execution (2.1) - framework: >= net45, dnx451, dnxcore50, monoandroid, monotouch, portable-net45+win80+wp80+wpa81, xamarinios, winv4.5, wpv8.0, wpav8.1
    xunit.extensibility.core (2.1) - framework: >= net45
      xunit.abstractions (2.0)
    xunit.extensibility.execution (2.1) - framework: >= net45
      xunit.extensibility.core (2.1) - framework: >= net45, dnx451, dnxcore50, monoandroid, monotouch, xamarinios, winv4.5, wpv8.0, wpav8.1
    xunit.runner.console (2.1)
    xunit.runner.visualstudio (2.1) - version_in_path: true
